GEM
  remote: http://rubygems.org/
  specs:
    chunky_png (1.2.5)
    compass (0.11.7)
      chunky_png (~> 1.2)
      fssm (>= 0.2.7)
      sass (~> 3.1)
    fssm (0.2.8.1)
    oily_png (1.0.2)
      chunky_png (~> 1.2.1)
    sass (3.2.0.alpha.55)

PLATFORMS
  ruby

DEPENDENCIES
  compass
  oily_png
  sass (>= 3.2.0.alpha.0)
